NDims = 3
DimSize = 512 512 373
ElementSize = 0.9766e+000 0.9766e+000 1.25e+000
ElementSpacing = 0.9766e+000 0.9766e+000 1.25e+000
ElementType = MET_UCHAR
ElementByteOrderMSB = False
ElementDataFile = backpack8.raw
