NDims = 3
DimSize = 416 512 112
ElementSize = 0.412e+000 0.412e+000 0.412e+000
ElementSpacing = 0.412e+000 0.412e+000 0.412e+000
ElementType = MET_UCHAR
ElementByteOrderMSB = False
ElementDataFile = mrt8_angio.raw
