NDims = 3
DimSize = 512 512 174
ElementSize = 0.8398e+000 0.8398e+000 3.2e+000
ElementSpacing = 0.8398e+000 0.8398e+000 3.2e+000
ElementType = MET_UCHAR
ElementByteOrderMSB = False
ElementDataFile = stent8.raw
